GEM
  remote: https://rubygems.org/
  specs:
    concurrent-ruby (1.1.9)
    cpf_utils (1.3.1)
    faker (2.19.0)
      i18n (>= 1.6, < 2)
    i18n (1.8.11)
      concurrent-ruby (~> 1.0)
    lerolero_generator (1.0.1)

PLATFORMS
  x86_64-linux

DEPENDENCIES
  concurrent-ruby (= 1.1.9)
  cpf_utils (= 1.3.1)
  faker (= 2.19.0)
  i18n (= 1.8.11)
  lerolero_generator (= 1.0.1)

BUNDLED WITH
   2.2.33
